RESTRICTION: >= net461
NUGET
  remote: https://www.nuget.org/api/v2
    FParsec (1.0.3)
      FSharp.Core (>= 4.0.0.1)
    FSharp.Core (4.5)

GROUP Build
NUGET
  remote: https://www.nuget.org/api/v2
    FAKE (5.1)
